PATH
  remote: .
  specs:
    unparser (0.6.5)
      diff-lcs (~> 1.3)
      parser (>= 3.1.0)

GEM
  remote: https://oss:Px2ENN7S91OmWaD5G7MIQJi1dmtmYrEh@gem.mutant.dev/
  specs:
    mutant-license (0.1.1.2.2355046999240944981729280251890364410689.5)

GEM
  remote: https://rubygems.org/
  specs:
    ast (2.4.2)
    diff-lcs (1.5.0)
    mutant (0.11.11)
      diff-lcs (~> 1.3)
      parser (~> 3.1.0)
      regexp_parser (~> 2.3, >= 2.3.1)
      sorbet-runtime (~> 0.5.0)
      unparser (~> 0.6.5)
    mutant-rspec (0.11.11)
      mutant (= 0.11.11)
      rspec-core (>= 3.8.0, < 4.0.0)
    parallel (1.21.0)
    parser (3.1.2.0)
      ast (~> 2.4.1)
    rainbow (3.1.1)
    regexp_parser (2.5.0)
    rexml (3.2.5)
    rspec (3.11.0)
      rspec-core (~> 3.11.0)
      rspec-expectations (~> 3.11.0)
      rspec-mocks (~> 3.11.0)
    rspec-core (3.11.0)
      rspec-support (~> 3.11.0)
    rspec-expectations (3.11.0)
      diff-lcs (>= 1.2.0, < 2.0)
      rspec-support (~> 3.11.0)
    rspec-its (1.3.0)
      rspec-core (>= 3.0.0)
      rspec-expectations (>= 3.0.0)
    rspec-mocks (3.11.0)
      diff-lcs (>= 1.2.0, < 2.0)
      rspec-support (~> 3.11.0)
    rspec-support (3.11.0)
    rubocop (1.26.0)
      parallel (~> 1.10)
      parser (>= 3.1.0.0)
      rainbow (>= 2.2.2, < 4.0)
      regexp_parser (>= 1.8, < 3.0)
      rexml
      rubocop-ast (>= 1.16.0, < 2.0)
      ruby-progressbar (~> 1.7)
      unicode-display_width (>= 1.4.0, < 3.0)
    rubocop-ast (1.16.0)
      parser (>= 3.1.1.0)
    rubocop-packaging (0.5.1)
      rubocop (>= 0.89, < 2.0)
    ruby-progressbar (1.11.0)
    sorbet-runtime (0.5.10101)
    unicode-display_width (2.1.0)

PLATFORMS
  ruby

DEPENDENCIES
  mutant (~> 0.11.4)
  mutant-license!
  mutant-rspec (~> 0.11.4)
  rspec (~> 3.9)
  rspec-core (~> 3.9)
  rspec-its (~> 1.3.0)
  rubocop (~> 1.7)
  rubocop-packaging (~> 0.5)
  unparser!

BUNDLED WITH
   2.3.6
