PATH
  remote: .
  specs:
    unparser (0.6.11)
      diff-lcs (~> 1.3)
      parser (>= 3.2.2.4)

GEM
  remote: https://oss:Px2ENN7S91OmWaD5G7MIQJi1dmtmYrEh@gem.mutant.dev/
  specs:
    mutant-license (0.1.1.2.2355046999240944981729280251890364410689.5)

GEM
  remote: https://rubygems.org/
  specs:
    ast (2.4.2)
    base64 (0.1.1)
    diff-lcs (1.5.0)
    json (2.6.3)
    language_server-protocol (3.17.0.3)
    mutant (0.11.22)
      diff-lcs (~> 1.3)
      parser (~> 3.2.2)
      regexp_parser (~> 2.6.1)
      sorbet-runtime (~> 0.5.0)
      unparser (~> 0.6.8)
    mutant-rspec (0.11.22)
      mutant (= 0.11.22)
      rspec-core (>= 3.8.0, < 4.0.0)
    parallel (1.23.0)
    parser (3.2.2.4)
      ast (~> 2.4.1)
      racc
    racc (1.7.1)
    rainbow (3.1.1)
    regexp_parser (2.6.2)
    rexml (3.2.6)
    rspec (3.12.0)
      rspec-core (~> 3.12.0)
      rspec-expectations (~> 3.12.0)
      rspec-mocks (~> 3.12.0)
    rspec-core (3.12.2)
      rspec-support (~> 3.12.0)
    rspec-expectations (3.12.3)
      diff-lcs (>= 1.2.0, < 2.0)
      rspec-support (~> 3.12.0)
    rspec-its (1.3.0)
      rspec-core (>= 3.0.0)
      rspec-expectations (>= 3.0.0)
    rspec-mocks (3.12.6)
      diff-lcs (>= 1.2.0, < 2.0)
      rspec-support (~> 3.12.0)
    rspec-support (3.12.1)
    rubocop (1.56.4)
      base64 (~> 0.1.1)
      json (~> 2.3)
      language_server-protocol (>= 3.17.0)
      parallel (~> 1.10)
      parser (>= 3.2.2.3)
      rainbow (>= 2.2.2, < 4.0)
      regexp_parser (>= 1.8, < 3.0)
      rexml (>= 3.2.5, < 4.0)
      rubocop-ast (>= 1.28.1, < 2.0)
      ruby-progressbar (~> 1.7)
      unicode-display_width (>= 2.4.0, < 3.0)
    rubocop-ast (1.29.0)
      parser (>= 3.2.1.0)
    rubocop-packaging (0.5.2)
      rubocop (>= 1.33, < 2.0)
    ruby-progressbar (1.13.0)
    sorbet-runtime (0.5.11064)
    unicode-display_width (2.5.0)

PLATFORMS
  ruby

DEPENDENCIES
  mutant (~> 0.11.22)
  mutant-license!
  mutant-rspec (~> 0.11.22)
  rspec (~> 3.9)
  rspec-core (~> 3.9)
  rspec-its (~> 1.3.0)
  rubocop (~> 1.7)
  rubocop-packaging (~> 0.5)
  unparser!

BUNDLED WITH
   2.4.1
